STORAGE: NONE
RESTRICTION: || (== netcoreapp3.1) (== netstandard2.0)
NUGET
  remote: https://api.nuget.org/v3/index.json
    FSharp.Core (4.5.2)
    FsLexYacc (10.2) - copy_local: true
      FSharp.Core (>= 4.5.2)
      FsLexYacc.Runtime (>= 10.2 < 10.3)
    FsLexYacc.Runtime (10.2) - copy_local: true
      FSharp.Core (>= 4.5.2)
    Microsoft.Build.Tasks.Git (1.0) - copy_local: true
    Microsoft.SourceLink.Common (1.0) - copy_local: true
    Microsoft.SourceLink.GitHub (1.0) - copy_local: true
      Microsoft.Build.Tasks.Git (>= 1.0)
      Microsoft.SourceLink.Common (>= 1.0)
