RESTRICTION: || (== net46) (== netcoreapp3.0) (== netstandard2.0)
NUGET
  remote: https://www.nuget.org/api/v2
    FSharp.Compiler.Service (2.0.0.6)
    FSharp.Core (4.3.4)
    FSharp.Formatting (2.14.4)
      FSharp.Compiler.Service (2.0.0.6)
      FSharpVSPowerTools.Core (>= 2.3 < 2.4)
    FSharpVSPowerTools.Core (2.3)
      FSharp.Compiler.Service (>= 2.0.0.3)
    FsLexYacc (10.0.0-beta)
      FSharp.Core (>= 4.3.4)
      FsLexYacc.Runtime (>= 10.0.0-beta < 10.1.0-beta)
    FsLexYacc.Runtime (10.0.0-beta)
      FSharp.Core (>= 4.3.4)
